# frozen_string_literal: true

GEM
  remote: https://rubygems.org/
  specs:
    nokogiri (1.10.3)

PLATFORMS
  ruby

DEPENDENCIES
  nokogiri (~> 1.10.3)

BUNDLED WITH
  1.17.2
